GEM
  remote: http://rubygems.org/
  specs:
    rake (0.9.2.2)
    rdiscount (1.6.8)
    yard (0.7.4)

PLATFORMS
  ruby

DEPENDENCIES
  rake
  rdiscount
  yard
