GEM
  remote: http://rubygems.org/
  specs:
    addressable (2.2.6)
    bson (1.4.0)
    bson_ext (1.4.0)
    colorific (1.0.2)
      minitest (~> 2.8.0)
      ruby-progressbar (~> 0.0.10)
    daemons (1.1.4)
    em-http-request (1.0.0)
      addressable (>= 2.2.3)
      em-socksify
      eventmachine (>= 1.0.0.beta.3)
      http_parser.rb (>= 0.5.2)
    em-mongo (0.4.1)
      bson (>= 1.1.3)
      bson_ext (>= 1.1.3)
      eventmachine (>= 0.12.10)
    em-resolv-replace (1.1.1)
    em-socksify (0.1.0)
      eventmachine
    em-synchrony (1.0.0)
      eventmachine (>= 1.0.0.beta.1)
    eventmachine (1.0.0.beta.3)
    growl_notify (0.0.3)
      rb-appscript
    guard (0.8.8)
      thor (~> 0.14.6)
    guard-minitest (0.4.0)
      guard (~> 0.4)
    http_parser.rb (0.5.3)
    minitest (2.8.0)
    mongo (1.4.0)
      bson (= 1.4.0)
    rack (1.3.5)
    rack-fiber_pool (0.9.2)
    rack-protection (1.1.4)
      rack
    rb-appscript (0.6.1)
    rb-fsevent (0.4.3.1)
    ruby-progressbar (0.0.10)
    sinatra (1.3.1)
      rack (~> 1.3, >= 1.3.4)
      rack-protection (~> 1.1, >= 1.1.2)
      tilt (~> 1.3, >= 1.3.3)
    sinatra-synchrony (0.3.0)
      em-http-request (= 1.0.0)
      em-resolv-replace (>= 1.1.1)
      em-synchrony (= 1.0.0)
      eventmachine (= 1.0.0.beta.3)
      rack-fiber_pool (= 0.9.2)
      sinatra (>= 1.0)
    thin (1.3.0)
      daemons (>= 1.0.9)
      eventmachine (>= 0.12.6)
      rack (>= 1.0.0)
    thor (0.14.6)
    tilt (1.3.3)

PLATFORMS
  ruby

DEPENDENCIES
  colorific
  em-mongo
  growl_notify
  guard
  guard-minitest
  mongo
  rb-fsevent
  sinatra-synchrony
  thin
