GEM
  remote: http://rubygems.org/
  specs:
    backports (2.3.0)
    bson (1.5.2)
    bson_ext (1.5.2)
      bson (= 1.5.2)
    daemons (1.1.5)
    diff-lcs (1.1.3)
    eventmachine (0.12.10)
    ffi (1.0.11)
    growl_notify (0.0.3)
      rb-appscript
    guard (0.9.1)
      ffi (>= 0.5.0)
      thor (~> 0.14.6)
    guard-rspec (0.5.9)
      guard (>= 0.8.4)
    mongo (1.5.2)
      bson (= 1.5.2)
    multi_json (1.0.4)
    mysql2 (0.3.11)
    rack (1.3.5)
    rack-protection (1.1.4)
      rack
    rack-test (0.6.1)
      rack (>= 1.0)
    rb-appscript (0.6.1)
    rb-fsevent (0.4.3.1)
    rdiscount (1.6.8)
    rspec (2.7.0)
      rspec-core (~> 2.7.0)
      rspec-expectations (~> 2.7.0)
      rspec-mocks (~> 2.7.0)
    rspec-core (2.7.1)
    rspec-expectations (2.7.0)
      diff-lcs (~> 1.1.2)
    rspec-mocks (2.7.0)
    simplecov (0.5.4)
      multi_json (~> 1.0.3)
      simplecov-html (~> 0.5.3)
    simplecov-html (0.5.3)
    sinatra (1.3.1)
      rack (~> 1.3, >= 1.3.4)
      rack-protection (~> 1.1, >= 1.1.2)
      tilt (~> 1.3, >= 1.3.3)
    sinatra-contrib (1.3.1)
      backports (>= 2.0)
      eventmachine
      rack-protection
      rack-test
      sinatra (~> 1.3.0)
      tilt (~> 1.3)
    sinatra-reloader (1.0)
      sinatra-contrib
    thin (1.3.1)
      daemons (>= 1.0.9)
      eventmachine (>= 0.12.6)
      rack (>= 1.0.0)
    thor (0.14.6)
    tilt (1.3.3)
    yard (0.7.4)

PLATFORMS
  ruby

DEPENDENCIES
  bson_ext
  growl_notify
  guard
  guard-rspec
  mongo
  mysql2
  rack-test
  rb-fsevent
  rdiscount
  rspec
  simplecov
  sinatra
  sinatra-reloader
  thin
  yard
