GEM
  remote: http://rubygems.org/
  specs:
    bson (1.4.0)
    bson_ext (1.4.0)
    diff-lcs (1.1.3)
    growl_notify (0.0.3)
      rb-appscript
    guard (0.8.8)
      thor (~> 0.14.6)
    guard-rspec (0.5.4)
      guard (>= 0.8.4)
    mongo (1.4.0)
      bson (= 1.4.0)
    rb-appscript (0.6.1)
    rb-fsevent (0.4.3.1)
    rdiscount (1.6.8)
    rspec (2.7.0)
      rspec-core (~> 2.7.0)
      rspec-expectations (~> 2.7.0)
      rspec-mocks (~> 2.7.0)
    rspec-core (2.7.1)
    rspec-expectations (2.7.0)
      diff-lcs (~> 1.1.2)
    rspec-mocks (2.7.0)
    thor (0.14.6)
    yard (0.7.3)

PLATFORMS
  ruby

DEPENDENCIES
  bson_ext
  growl_notify
  guard
  guard-rspec
  mongo
  rb-fsevent
  rdiscount
  rspec
  yard
