GEM
  remote: http://rubygems.org/
  specs:
    diff-lcs (1.1.3)
    ffi (1.0.11)
    growl_notify (0.0.3)
      rb-appscript
    guard (0.10.0)
      ffi (>= 0.5.0)
      thor (~> 0.14.6)
    guard-rspec (0.6.0)
      guard (>= 0.10.0)
    multi_json (1.0.4)
    rb-appscript (0.6.1)
    rb-fsevent (0.4.3.1)
    rb-readline (0.4.2)
    rdiscount (1.6.8)
    rspec (2.8.0)
      rspec-core (~> 2.8.0)
      rspec-expectations (~> 2.8.0)
      rspec-mocks (~> 2.8.0)
    rspec-core (2.8.0)
    rspec-expectations (2.8.0)
      diff-lcs (~> 1.1.2)
    rspec-mocks (2.8.0)
    simplecov (0.5.4)
      multi_json (~> 1.0.3)
      simplecov-html (~> 0.5.3)
    simplecov-html (0.5.3)
    thor (0.14.6)
    yard (0.7.4)

PLATFORMS
  ruby

DEPENDENCIES
  growl_notify
  guard
  guard-rspec
  rb-fsevent
  rb-readline
  rdiscount
  rspec
  simplecov
  yard
