GIT
  remote: https://github.com/igrigorik/em-http-request.git
  revision: ce50f322ce08d43a4a747cf333ea576765d764c4
  specs:
    em-http-request (1.0.1)
      addressable (>= 2.2.3)
      cookiejar
      em-socksify
      eventmachine (>= 1.0.0.beta.4)
      http_parser.rb (>= 0.5.3)

GIT
  remote: https://github.com/postrank-labs/goliath.git
  revision: 9c1e0383bc91c6088986a0f71e063b95f804aba2
  specs:
    goliath (0.9.4)
      async-rack
      em-synchrony (>= 1.0.0)
      em-websocket
      eventmachine (>= 1.0.0.beta.3)
      http_parser.rb (~> 0.5.3)
      http_router (~> 0.9.0)
      log4r
      multi_json
      rack (>= 1.2.2)
      rack-contrib
      rack-respond_to

GEM
  remote: http://rubygems.org/
  specs:
    addressable (2.2.6)
    async-rack (0.5.1)
      rack (~> 1.1)
    cookiejar (0.3.0)
    diff-lcs (1.1.3)
    em-files (0.2.2)
      eventmachine (>= 0.12.10)
      hash-utils (>= 0.14.0)
    em-socksify (0.1.0)
      eventmachine
    em-synchrony (1.0.0)
      eventmachine (>= 1.0.0.beta.1)
    em-websocket (0.3.6)
      addressable (>= 2.1.1)
      eventmachine (>= 0.12.9)
    eventmachine (1.0.0.beta.4)
    ffi (1.0.11)
    guard (1.0.0)
      ffi (>= 0.5.0)
      thor (~> 0.14.6)
    guard-rspec (0.6.0)
      guard (>= 0.10.0)
    happening (0.2.5)
      em-http-request
    hash-utils (1.0.0)
      ruby-version
    http_parser.rb (0.5.3)
    http_router (0.9.7)
      rack (>= 1.0.0)
      url_mount (~> 0.2.1)
    log4r (1.1.10)
    mime-types (1.17.2)
    multi_json (1.0.4)
    rack (1.4.1)
    rack-accept-media-types (0.9)
    rack-contrib (1.1.0)
      rack (>= 0.9.1)
    rack-respond_to (0.9.8)
      rack-accept-media-types (>= 0.6)
    rdiscount (1.6.8)
    rspec (2.8.0)
      rspec-core (~> 2.8.0)
      rspec-expectations (~> 2.8.0)
      rspec-mocks (~> 2.8.0)
    rspec-core (2.8.0)
    rspec-expectations (2.8.0)
      diff-lcs (~> 1.1.2)
    rspec-mocks (2.8.0)
    ruby-version (0.3.1)
    ruby_gntp (0.3.4)
    simplecov (0.5.4)
      multi_json (~> 1.0.3)
      simplecov-html (~> 0.5.3)
    simplecov-html (0.5.3)
    thor (0.14.6)
    uber-s3 (0.1.6)
      mime-types (~> 1.17)
    url_mount (0.2.1)
      rack
    yard (0.7.4)

PLATFORMS
  ruby

DEPENDENCIES
  em-files
  em-http-request!
  goliath!
  guard
  guard-rspec
  happening
  rdiscount
  rspec
  ruby_gntp
  simplecov
  uber-s3
  yard
