GIT
  remote: https://github.com/igrigorik/em-http-request.git
  revision: 6b3b1a429aea4af25f49b954262696d435265552
  specs:
    em-http-request (1.0.2)
      addressable (>= 2.2.3)
      cookiejar
      em-socksify
      eventmachine (>= 1.0.0.beta.4)
      http_parser.rb (>= 0.5.3)

GIT
  remote: https://github.com/joaodrp/happening.git
  revision: 6a47f9564e91b56abe7665bdc137399dc4f23ab9
  specs:
    happening (0.2.5)
      em-http-request

GIT
  remote: https://github.com/postrank-labs/goliath.git
  revision: f7a24c3d3df6d7e23461c8b425874f5184f5c98d
  specs:
    goliath (0.9.4)
      async-rack
      em-synchrony (>= 1.0.0)
      em-websocket
      eventmachine (>= 1.0.0.beta.3)
      http_parser.rb (~> 0.5.3)
      http_router (~> 0.9.0)
      log4r
      multi_json
      rack (>= 1.2.2)
      rack-contrib
      rack-respond_to

GEM
  remote: http://rubygems.org/
  specs:
    addressable (2.2.7)
    async-rack (0.5.1)
      rack (~> 1.1)
    cookiejar (0.3.0)
    diff-lcs (1.1.3)
    em-socksify (0.2.0)
      eventmachine (>= 1.0.0.beta.4)
    em-synchrony (1.0.0)
      eventmachine (>= 1.0.0.beta.1)
    em-websocket (0.3.6)
      addressable (>= 2.1.1)
      eventmachine (>= 0.12.9)
    eventmachine (1.0.0.beta.4)
    ffi (1.0.11)
    guard (1.0.1)
      ffi (>= 0.5.0)
      thor (~> 0.14.6)
    guard-rspec (0.7.0)
      guard (>= 0.10.0)
    http_parser.rb (0.5.3)
    http_router (0.9.7)
      rack (>= 1.0.0)
      url_mount (~> 0.2.1)
    log4r (1.1.10)
    multi_json (1.2.0)
    progressbar (0.11.0)
    rack (1.4.1)
    rack-accept-media-types (0.9)
    rack-contrib (1.1.0)
      rack (>= 0.9.1)
    rack-respond_to (0.9.8)
      rack-accept-media-types (>= 0.6)
    rdiscount (1.6.8)
    rspec (2.9.0)
      rspec-core (~> 2.9.0)
      rspec-expectations (~> 2.9.0)
      rspec-mocks (~> 2.9.0)
    rspec-core (2.9.0)
    rspec-expectations (2.9.1)
      diff-lcs (~> 1.1.3)
    rspec-mocks (2.9.0)
    ruby_gntp (0.3.4)
    simplecov (0.6.1)
      multi_json (~> 1.0)
      simplecov-html (~> 0.5.3)
    simplecov-html (0.5.3)
    thor (0.14.6)
    url_mount (0.2.1)
      rack
    yard (0.7.5)

PLATFORMS
  ruby

DEPENDENCIES
  em-http-request!
  goliath!
  guard
  guard-rspec
  happening!
  progressbar
  rdiscount
  rspec
  ruby_gntp
  simplecov
  yard
